GEM
  remote: https://rubygems.org/
  specs:
    activemodel (3.2.18)
      activesupport (= 3.2.18)
      builder (~> 3.0.0)
    activesupport (3.2.18)
      i18n (~> 0.6, >= 0.6.4)
      multi_json (~> 1.0)
    addressable (2.3.6)
    builder (3.0.4)
    coderay (1.1.0)
    faraday (0.9.0)
      multipart-post (>= 1.2, < 3)
    formkeeper (0.0.13)
      hpricot
      rack
    hpricot (0.8.6)
    i18n (0.6.9)
    method_source (0.8.2)
    mongoid (3.1.6)
      activemodel (~> 3.2)
      moped (~> 1.4)
      origin (~> 1.0)
      tzinfo (~> 0.3.29)
    moped (1.5.2)
    multi_json (1.10.1)
    multipart-post (2.0.0)
    octokit (3.1.2)
      sawyer (~> 0.5.3)
    origin (1.1.0)
    pry (0.10.0)
      coderay (~> 1.1.0)
      method_source (~> 0.8.1)
      slop (~> 3.4)
    pry-remote (0.1.8)
      pry (~> 0.9)
      slop (~> 3.0)
    rack (1.5.2)
    sawyer (0.5.4)
      addressable (~> 2.3.5)
      faraday (~> 0.8, < 0.10)
    sinatra (1.1.0)
      rack (~> 1.1)
      tilt (~> 1.1)
    sinatra-formkeeper (0.0.7)
      formkeeper (~> 0.0.12)
      hpricot
      rack
      sinatra
    sinatra_auth_github (1.0.0)
      sinatra (~> 1.0)
      warden-github (~> 1.0)
    slop (3.5.0)
    tilt (1.4.1)
    tzinfo (0.3.39)
    warden (1.2.3)
      rack (>= 1.0)
    warden-github (1.0.1)
      octokit (> 2.1.0)
      warden (> 1.0)

PLATFORMS
  ruby

DEPENDENCIES
  mongoid (~> 3.1.6)
  pry
  pry-remote
  sinatra (= 1.1.0)
  sinatra-formkeeper
  sinatra_auth_github
